ObjectType = Image
NDims = 3
BinaryData = True
BinaryDataByteOrderMSB = False
CompressedData = False
TransformMatrix = 1 0 0 0 1 0 0 0 1
Offset = -139.10000600000001 -149 -330
CenterOfRotation = 0 0 0
AnatomicalOrientation = RAI
ElementSpacing = 0.55664098262786865 0.55664098262786865 2.5
DimSize = 512 512 133
ElementType = MET_SHORT
ElementDataFile = 1.3.6.1.4.1.14519.5.2.1.6279.6001.126121460017257137098781143514.raw
